GEM
  remote: https://rubygems.org/
  specs:
    ejson (1.4.1)

PLATFORMS
  ruby
  x86_64-darwin-23

DEPENDENCIES
  ejson (~> 1.0)

BUNDLED WITH
   2.5.13
